GEM
  remote: https://rubygems.org/
  specs:
    ZenTest (4.9.3)
    autotest-doom (0.0.1)
      test_notifier (~> 0)
    autotest-growl (0.2.16)
    diff-lcs (1.2.4)
    notifier (0.4.1)
    rspec (2.14.1)
      rspec-core (~> 2.14.0)
      rspec-expectations (~> 2.14.0)
      rspec-mocks (~> 2.14.0)
    rspec-core (2.14.5)
    rspec-expectations (2.14.2)
      diff-lcs (>= 1.1.3, < 2.0)
    rspec-mocks (2.14.3)
    test_notifier (0.4.0)
      notifier
    yard (0.8.7)

PLATFORMS
  ruby

DEPENDENCIES
  ZenTest
  autotest-doom
  autotest-growl
  rspec
  yard
